GEM
  remote: https://rubygems.org/
  specs:
    xml-simple (1.1.3)

PLATFORMS
  ruby
  x64-mingw32

DEPENDENCIES
  xml-simple
