GEM
  remote: https://rubygems.org/
  specs:
    ocra (1.3.1)
    xml-simple (1.1.3)

PLATFORMS
  ruby
  x64-mingw32

DEPENDENCIES
  ocra
  xml-simple
